GEM
  remote: https://rubygems.org/
  specs:
    daemons (1.1.4)
    eventmachine (1.0.9.1)
    rack (1.6.4)
    rack-protection (1.5.3)
      rack
    sinatra (1.3.0)
      rack (~> 1.3)
      rack-protection (~> 1.1)
      tilt (~> 1.3)
    thin (1.6.4)
      daemons (~> 1.0, >= 1.0.9)
      eventmachine (~> 1.0, >= 1.0.4)
      rack (~> 1.0)
    tilt (1.4.1)

PLATFORMS
  ruby

DEPENDENCIES
  daemons (= 1.1.4)
  sinatra
  thin

BUNDLED WITH
   1.12.5
